GEM
  remote: https://rubygems.org/
  specs:
    capistrano (3.2.1)
      i18n
      rake (>= 10.0.0)
      sshkit (~> 1.3)
    capistrano-bundler (1.1.2)
      capistrano (~> 3.0)
      sshkit (~> 1.2)
    colorize (0.7.3)
    emk-sinatra-url-for (0.2.1)
      sinatra (>= 0.9.1.1)
    haml (4.0.5)
      tilt
    i18n (0.6.9)
    json (1.8.1)
    mysql (2.9.1)
    net-scp (1.2.1)
      net-ssh (>= 2.6.5)
    net-ssh (2.9.1)
    rack (1.4.5)
    rack-protection (1.5.3)
      rack
    rake (10.3.2)
    sequel (4.11.0)
    sinatra (1.4.5)
      rack (~> 1.4)
      rack-protection (~> 1.4)
      tilt (~> 1.3, >= 1.3.4)
    sshkit (1.5.1)
      colorize
      net-scp (>= 1.1.2)
      net-ssh (>= 2.8.0)
    tilt (1.4.1)

PLATFORMS
  ruby

DEPENDENCIES
  capistrano (~> 3.2.0)
  capistrano-bundler (~> 1.1.2)
  emk-sinatra-url-for
  haml
  json
  mysql
  sequel
  sinatra
